GIT
  remote: git://github.com/ivanvanderbyl/amqp.git
  revision: 2d54d21110b3ef61e05c1d0dddadb9d983f207ca
  branch: feature/heartbeat
  specs:
    amqp (0.7.0)
      eventmachine (>= 0.12.4)

GIT
  remote: git://github.com/ivanvanderbyl/moqueue.git
  revision: cf2108e3bee7730a6a57e0a95a4c17082c2b2603
  specs:
    moqueue (0.1.4)
      amqp

GEM
  remote: http://rubygems.org/
  specs:
    activesupport (3.0.4)
    diff-lcs (1.1.2)
    eventmachine (0.12.10)
    git (1.2.5)
    i18n (0.5.0)
    jeweler (1.5.2)
      bundler (~> 1.0.0)
      git (>= 1.2.5)
      rake
    json (1.4.6)
    mocha (0.9.12)
    rake (0.8.7)
    rcov (0.9.9)
    reek (1.2.8)
      ruby2ruby (~> 1.2)
      ruby_parser (~> 2.0)
      sexp_processor (~> 3.0)
    roodi (2.1.0)
      ruby_parser
    rspec (2.3.0)
      rspec-core (~> 2.3.0)
      rspec-expectations (~> 2.3.0)
      rspec-mocks (~> 2.3.0)
    rspec-core (2.3.1)
    rspec-expectations (2.3.0)
      diff-lcs (~> 1.1.2)
    rspec-mocks (2.3.0)
    ruby2ruby (1.2.5)
      ruby_parser (~> 2.0)
      sexp_processor (~> 3.0)
    ruby_parser (2.0.6)
      sexp_processor (~> 3.0)
    sexp_processor (3.0.5)

PLATFORMS
  ruby

DEPENDENCIES
  activesupport (~> 3.0.3)
  amqp!
  bundler (~> 1.0.0)
  i18n
  jeweler (~> 1.5.2)
  json (~> 1.4.6)
  mocha
  moqueue!
  rcov
  reek (~> 1.2.8)
  roodi (~> 2.1.0)
  rspec (~> 2.3.0)
